GEM
  specs:
    json (2.6.3)

GEM
  remote: https://rubygems.org/
  specs:
    codeclimate-test-reporter (1.0.9)
      simplecov (<= 0.13)
    colored (1.2)
    docile (1.1.5)
    minitest (5.20.0)
    rake (13.0.6)
    rake-notes (0.2.2)
      colored
      rake
    simplecov (0.13.0)
      docile (~> 1.1.0)
      json (>= 1.8, < 3)
      simplecov-html (~> 0.10.0)
    simplecov-html (0.10.2)

PLATFORMS
  x86_64-linux

DEPENDENCIES
  codeclimate-test-reporter (~> 1.0, >= 1.0.8)!
  json (~> 2.6)
  minitest (~> 5.10, >= 5.10.1)!
  rake!
  rake-notes (~> 0.2.0)!
  simplecov (~> 0.13.0)!

BUNDLED WITH
   2.4.19
